# This file is automatically generated by `generate.sh'; do not edit!

GEM
  remote: https://rubygems.org/
  specs:
    rake (12.0.0)
    sass (3.4.23)
    scss_lint (0.52.0)
      rake (>= 0.9, < 13)
      sass (~> 3.4.20)
    scss_lint_reporter_checkstyle (0.2.0)

PLATFORMS
  ruby

DEPENDENCIES
  scss_lint (= 0.52.0)!
  scss_lint_reporter_checkstyle (= 0.2.0)!

BUNDLED WITH
   1.12.5
